GEM
  remote: https://rubygems.org/
  specs:
    rack (2.0.9)

PLATFORMS
  ruby

DEPENDENCIES
  rack (~> 2.0.1)

RUBY VERSION
   ruby 2.7.2p137

BUNDLED WITH
   2.1.4
